GEM
  remote: https://rubygems.org/
  specs:
    polyglot (0.3.3)
    rake (0.9.2.2)
    treetop (1.4.10)
      polyglot
      polyglot (>= 0.3.1)

PLATFORMS
  ruby

DEPENDENCIES
  rake
  treetop
